GEM
  remote: https://rubygems.org/
  specs:
    activesupport (3.2.15)
      i18n (~> 0.6, >= 0.6.4)
      multi_json (~> 1.0)
    haml (3.1.7)
    hangry (0.0.13)
      activesupport (~> 3.0)
      iso8601 (~> 0.4.0)
      nokogiri (~> 1.5)
    i18n (0.6.5)
    ingreedy (0.0.4)
    iso8601 (0.4.1)
    mini_portile (0.5.2)
    multi_json (1.8.2)
    nokogiri (1.6.0)
      mini_portile (~> 0.5.0)
    rack (1.5.2)
    rack-protection (1.5.1)
      rack
    sinatra (1.4.4)
      rack (~> 1.4)
      rack-protection (~> 1.4)
      tilt (~> 1.3, >= 1.3.4)
    tilt (1.4.1)

PLATFORMS
  ruby

DEPENDENCIES
  haml
  hangry
  ingreedy
  sinatra
